GEM
  remote: http://gemcutter.org/
  specs:
    kgio (2.1.1)
    memcachier (0.0.2)
    rack (1.2.1)
    sinatra (1.1.0)
      rack (~> 1.1)
      tilt (~> 1.1)
    tilt (1.1)
    uuidtools (2.1.1)

PLATFORMS
  ruby

DEPENDENCIES
  kgio
  memcachier
  sinatra
  uuidtools
