GEM
  remote: http://gemcutter.org/
  specs:
    rack (1.2.1)
    rack-flash (0.1.1)
      rack
    sinatra (1.1.0)
      rack (~> 1.1)
      tilt (~> 1.1)
    tilt (1.1)

PLATFORMS
  ruby

DEPENDENCIES
  rack-flash
  sinatra
