GEM
  remote: http://gemcutter.org/
  specs:
    dalli (1.0.1)
    kgio (2.1.1)
    rack (1.2.1)
    sinatra (1.1.0)
      rack (~> 1.1)
      tilt (~> 1.1)
    tilt (1.1)
    uuidtools (2.1.1)

PLATFORMS
  ruby

DEPENDENCIES
  dalli
  kgio
  sinatra
  uuidtools
